GIT
  remote: https://github.com/rwdaigle/heroku-log-parser.git
  revision: 84c96fafdd3d7513f7db060d1ca9851180013b13
  specs:
    heroku-log-parser (0.3.0)

GEM
  remote: https://rubygems.org/
  specs:
    aws-sdk (1.67.0)
      aws-sdk-v1 (= 1.67.0)
    aws-sdk-v1 (1.67.0)
      json (~> 1.4)
      nokogiri (~> 1)
    json (1.8.6)
    mini_portile2 (2.4.0)
    newrelic_rpm (3.15.2.317)
    nokogiri (1.10.8)
      mini_portile2 (~> 2.4.0)
    puma (3.12.2)
    rack (2.0.1)

PLATFORMS
  ruby

DEPENDENCIES
  aws-sdk (~> 1.4)
  heroku-log-parser!
  newrelic_rpm
  puma (~> 3.6)
  rack

RUBY VERSION
   ruby 2.7.0p0

BUNDLED WITH
   2.1.4
